GEM
  remote: https://rubygems.org/
  specs:
    aws-eventstream (1.2.0)
    aws-partitions (1.632.0)
    aws-sdk-core (3.150.0)
      aws-eventstream (~> 1, >= 1.0.2)
      aws-partitions (~> 1, >= 1.525.0)
      aws-sigv4 (~> 1.1)
      jmespath (~> 1, >= 1.6.1)
    aws-sdk-kms (1.58.0)
      aws-sdk-core (~> 3, >= 3.127.0)
      aws-sigv4 (~> 1.1)
    aws-sdk-s3 (1.114.0)
      aws-sdk-core (~> 3, >= 3.127.0)
      aws-sdk-kms (~> 1)
      aws-sigv4 (~> 1.4)
    aws-sigv4 (1.5.1)
      aws-eventstream (~> 1, >= 1.0.2)
    jmespath (1.6.1)

PLATFORMS
  arm64-darwin-20

DEPENDENCIES
  aws-sdk-s3 (~> 1.2)

BUNDLED WITH
   2.2.20
